GEM
  remote: https://rubygems.org/
  specs:
    diff-lcs (1.6.2)
    language_server-protocol (3.17.0.5)
    logger (1.7.0)
    prism (1.4.0)
    rbs (3.9.4)
      logger
    rspec (3.13.1)
      rspec-core (~> 3.13.0)
      rspec-expectations (~> 3.13.0)
      rspec-mocks (~> 3.13.0)
    rspec-core (3.13.5)
      rspec-support (~> 3.13.0)
    rspec-expectations (3.13.5)
      diff-lcs (>= 1.2.0, < 2.0)
      rspec-support (~> 3.13.0)
    rspec-mocks (3.13.5)
      diff-lcs (>= 1.2.0, < 2.0)
      rspec-support (~> 3.13.0)
    rspec-support (3.13.5)
    ruby-lsp (0.26.1)
      language_server-protocol (~> 3.17.0)
      prism (>= 1.2, < 2.0)
      rbs (>= 3, < 5)
    ruby-lsp-rspec (0.1.27)
      ruby-lsp (~> 0.26.0)

PLATFORMS
  x64-mingw-ucrt

DEPENDENCIES
  rspec
  ruby-lsp
  ruby-lsp-rspec

BUNDLED WITH
   2.6.9
